PATH
  remote: .
  specs:
    fcb (0.6.0)
      builder
      dry-monads (~> 0.4.0)
      nokogiri
      nori
      rubyzip

GEM
  remote: https://rubygems.org/
  specs:
    builder (3.2.3)
    concurrent-ruby (1.1.5)
    diff-lcs (1.3)
    dotenv (2.2.1)
    dry-core (0.4.7)
      concurrent-ruby (~> 1.0)
    dry-equalizer (0.2.2)
    dry-monads (0.4.0)
      dry-core (~> 0.3, >= 0.3.3)
      dry-equalizer
    mini_portile2 (2.8.0)
    nokogiri (1.13.6)
      mini_portile2 (~> 2.8.0)
      racc (~> 1.4)
    nori (2.6.0)
    racc (1.6.0)
    rake (10.5.0)
    rspec (3.7.0)
      rspec-core (~> 3.7.0)
      rspec-expectations (~> 3.7.0)
      rspec-mocks (~> 3.7.0)
    rspec-core (3.7.1)
      rspec-support (~> 3.7.0)
    rspec-expectations (3.7.0)
      diff-lcs (>= 1.2.0, < 2.0)
      rspec-support (~> 3.7.0)
    rspec-mocks (3.7.0)
      diff-lcs (>= 1.2.0, < 2.0)
      rspec-support (~> 3.7.0)
    rspec-support (3.7.1)
    rubyzip (1.2.3)

PLATFORMS
  ruby

DEPENDENCIES
  bundler (~> 1.16)
  dotenv
  fcb!
  rake (~> 10.0)
  rspec (~> 3.0)

BUNDLED WITH
   1.16.4
